GIT
  remote: git://github.com/primerano/acts_as_ferret.git
  revision: 10290cd3200025d586c8b7c722f1743d24e8ea54
  specs:
    acts_as_ferret (0.5.2)
      jk-ferret (>= 0.11.8)
      rails (>= 3.0)

GIT
  remote: git://github.com/rails/prototype_legacy_helper.git
  revision: a2cd95c3e3c1a4f7a9566efdab5ce59c886cb05f
  specs:
    prototype_legacy_helper (0.0.0)

GEM
  remote: http://rubygems.org/
  specs:
    abstract (1.0.0)
    actionmailer (3.0.9)
      actionpack (= 3.0.9)
      mail (~> 2.2.19)
    actionpack (3.0.9)
      activemodel (= 3.0.9)
      activesupport (= 3.0.9)
      builder (~> 2.1.2)
      erubis (~> 2.6.6)
      i18n (~> 0.5.0)
      rack (~> 1.2.1)
      rack-mount (~> 0.6.14)
      rack-test (~> 0.5.7)
      tzinfo (~> 0.3.23)
    activemodel (3.0.9)
      activesupport (= 3.0.9)
      builder (~> 2.1.2)
      i18n (~> 0.5.0)
    activerecord (3.0.9)
      activemodel (= 3.0.9)
      activesupport (= 3.0.9)
      arel (~> 2.0.10)
      tzinfo (~> 0.3.23)
    activeresource (3.0.9)
      activemodel (= 3.0.9)
      activesupport (= 3.0.9)
    activesupport (3.0.9)
    annotate (2.4.0)
    arel (2.0.10)
    bartt-ssl_requirement (1.2.7)
    builder (2.1.2)
    erubis (2.6.6)
      abstract (>= 1.0.0)
    i18n (0.5.0)
    jk-ferret (0.11.8.3)
      rake
    kaminari (0.12.4)
      rails (>= 3.0.0)
    magic_encoding (0.0.2)
    mail (2.2.19)
      activesupport (>= 2.3.6)
      i18n (>= 0.4.0)
      mime-types (~> 1.16)
      treetop (~> 1.4.8)
    mime-types (1.16)
    mysql2 (0.2.11)
    paperclip (2.3.11)
      activerecord (>= 2.3.0)
      activesupport (>= 2.3.2)
    polyglot (0.3.2)
    rack (1.2.3)
    rack-mount (0.6.14)
      rack (>= 1.0.0)
    rack-test (0.5.7)
      rack (>= 1.0)
    rails (3.0.9)
      actionmailer (= 3.0.9)
      actionpack (= 3.0.9)
      activerecord (= 3.0.9)
      activeresource (= 3.0.9)
      activesupport (= 3.0.9)
      bundler (~> 1.0)
      railties (= 3.0.9)
    railties (3.0.9)
      actionpack (= 3.0.9)
      activesupport (= 3.0.9)
      rake (>= 0.8.7)
      rdoc (~> 3.4)
      thor (~> 0.14.4)
    rake (0.9.2)
    rdoc (3.9.1)
    thor (0.14.6)
    treetop (1.4.10)
      polyglot
      polyglot (>= 0.3.1)
    tzinfo (0.3.29)

PLATFORMS
  ruby

DEPENDENCIES
  acts_as_ferret (= 0.5.2)!
  annotate
  bartt-ssl_requirement
  kaminari
  magic_encoding
  mysql2 (< 0.3)
  paperclip
  prototype_legacy_helper (= 0.0.0)!
  rack-test
  rails (= 3.0.9)
